GEM
  remote: https://rubygems.org/
  specs:
    image_size (2.0.2)
    review (4.2.0)
      image_size
      rouge
      rubyzip
    review-peg (0.2.2)
    rouge (3.20.0)
    rubyzip (2.3.0)

PLATFORMS
  ruby

DEPENDENCIES
  review (= 4.2.0)
  review-peg (= 0.2.2)
  rouge

BUNDLED WITH
   2.1.4
